PATH
  remote: .
  specs:
    repose (0.1.0)
      gli (~> 0.1.0)

GEM
  remote: http://rubygems.org/
  specs:
    activesupport (3.1.3)
      multi_json (~> 1.0)
    gli (0.1.6)
    multi_json (1.0.4)

PLATFORMS
  ruby

DEPENDENCIES
  activesupport
  repose!
