PATH
  remote: .
  specs:
    repose (0.0.1.alpha1)
      gli (>= 1.4.0)

GEM
  remote: http://rubygems.org/
  specs:
    activesupport (3.1.3)
      multi_json (~> 1.0)
    gli (1.4.0)
    multi_json (1.0.4)

PLATFORMS
  ruby

DEPENDENCIES
  activesupport
  repose!
